GEM
  remote: http://rubygems.org/
  remote: http://gems.github.com/
  specs:
    RedCloth (4.2.2)
    SyslogLogger (1.4.0)
      hoe (>= 1.2.0)
    actionmailer (2.3.2)
      actionpack (= 2.3.2)
    actionpack (2.3.2)
      activesupport (= 2.3.2)
    activerecord (2.3.2)
      activesupport (= 2.3.2)
    activeresource (2.3.2)
      activesupport (= 2.3.2)
    activesupport (2.3.2)
    acts_as_reportable (1.1.1)
      ruport (>= 1.6.0)
    color (1.4.1)
    columnize (0.3.4)
    eventmachine (0.12.10)
    facter (1.5.6)
    fast_xs (0.7.3)
    fastercsv (1.2.3)
    hoe (2.12.1)
      rake (~> 0.8)
    hpricot (0.8.1)
    is_graffitiable (0.1.4)
    linecache (0.46)
      rbx-require-relative (> 0.0.4)
    memcache-client (1.8.5)
    mislav-will_paginate (2.3.8)
    pdf-writer (1.1.8)
      color (>= 1.4.0)
      transaction-simple (~> 1.3)
    rack (1.3.2)
    rails (2.3.2)
      actionmailer (= 2.3.2)
      actionpack (= 2.3.2)
      activerecord (= 2.3.2)
      activeresource (= 2.3.2)
      activesupport (= 2.3.2)
      rake (>= 0.8.3)
    rake (0.9.2)
    rbx-require-relative (0.0.5)
    ruby-debug (0.10.3)
      columnize (>= 0.1)
      ruby-debug-base (~> 0.10.3.0)
    ruby-debug-base (0.10.3)
      linecache (>= 0.3)
    ruby-graphviz (0.9.0)
    ruby-mysql (2.9.4)
    ruby-net-ldap (0.0.4)
    ruport (1.6.1)
      fastercsv (= 1.2.3)
      pdf-writer (= 1.1.8)
    starling (0.9.8)
      SyslogLogger
      eventmachine (>= 0.12.0)
      memcache-client
    transaction-simple (1.4.0)
      hoe (>= 1.1.7)
    unicorn (0.91.0)
      rack
    workling (0.4.9.9)

PLATFORMS
  ruby

DEPENDENCIES
  RedCloth (= 4.2.2)
  acts_as_reportable (= 1.1.1)
  facter (= 1.5.6)
  fast_xs (= 0.7.3)
  fastercsv (= 1.2.3)
  hpricot (= 0.8.1)
  is_graffitiable
  mislav-will_paginate (= 2.3.8)
  rails (= 2.3.2)
  ruby-debug (= 0.10.3)
  ruby-graphviz (= 0.9.0)
  ruby-mysql
  ruby-net-ldap (= 0.0.4)
  ruport (= 1.6.1)
  starling (= 0.9.8)
  unicorn (= 0.91.0)
  workling
